GEM
  remote: http://rubygems.org/
  specs:
    builder (3.0.0)
    chronic (0.6.2)
    citeproc (0.0.1)
      multi_json (~> 1.0)
    citeproc-js (0.0.1.pre.2)
      citeproc (~> 0.0)
      execjs (>= 1.2.4, < 1.3.0)
    cucumber (1.0.2)
      builder (>= 2.1.2)
      diff-lcs (>= 1.1.2)
      gherkin (~> 2.4.5)
      json (>= 1.4.6)
      term-ansicolor (>= 1.0.5)
    diff-lcs (1.1.2)
    execjs (1.2.4)
      multi_json (~> 1.0)
    gherkin (2.4.6)
      json (>= 1.4.6)
    gherkin (2.4.6-java)
      json (>= 1.4.6)
    json (>= 2.3.0)
    json (1.5.3-java)
    multi_json (1.0.3)
    term-ansicolor (1.0.6)
    therubyrhino (1.72.8)
    thor (0.14.6)

PLATFORMS
  java
  ruby

DEPENDENCIES
  chronic (~> 0.6)
  citeproc-js (~> 0.0.1.pre.2)
  cucumber (~> 1.0)
  multi_json (~> 1.0)
  therubyrhino (~> 1.72)
  thor (~> 0.14)
